GEM
  remote: https://rubygems.org/
  specs:
    awesome_print (1.8.0)
    rake (13.0.1)

PLATFORMS
  ruby

DEPENDENCIES
  awesome_print
  rake

RUBY VERSION
   ruby 2.6.6p146

BUNDLED WITH
   2.1.4
